GEM
  remote: https://rubygems.org/
  specs:
    net-ldap (0.16.1)
    rack (2.0.4)

PLATFORMS
  ruby

DEPENDENCIES
  net-ldap
  rack

BUNDLED WITH
   1.16.1
