GEM
  remote: https://rubygems.org/
  specs:
    net-ldap (0.15.0)
    rack (2.0.1)

PLATFORMS
  ruby

DEPENDENCIES
  net-ldap
  rack

BUNDLED WITH
   1.14.3
