GEM
  remote: https://rubygems.org/
  specs:
    net-ldap (0.14.0)
    rack (1.6.4)

PLATFORMS
  ruby

DEPENDENCIES
  net-ldap
  rack

BUNDLED WITH
   1.12.5
